GEM
  remote: https://rubygems.org/
  specs:
    activesupport (4.2.0)
      i18n (~> 0.7)
      json (~> 1.7, >= 1.7.7)
      minitest (~> 5.1)
      thread_safe (~> 0.3, >= 0.3.4)
      tzinfo (~> 1.1)
    animate (0.1.0)
      compass (>= 0.13.alpha.0)
      sass (>= 3.2.0)
    breakpoint (2.5.0)
      sass (~> 3.3)
      sassy-maps (< 1.0.0)
    chunky_png (1.3.3)
    coffee (0.0.5)
      httparty
      json_pure
      thor
    coffee-script (2.3.0)
      coffee-script-source
      execjs
    coffee-script-source (1.8.0)
    colored (1.2)
    compass (1.1.0.alpha.3)
      chunky_png (~> 1.2)
      compass-core (~> 1.1.0.alpha.3)
      compass-import-once (~> 1.0.5)
      rb-fsevent (>= 0.9.3)
      rb-inotify (>= 0.9)
      sass (>= 3.3.13, < 3.5)
    compass-core (1.1.0.alpha.3)
      multi_json (~> 1.0)
      sass (>= 3.3.0, < 3.5)
    compass-import-once (1.0.5)
      sass (>= 3.2, < 3.5)
    escape (0.0.4)
    execjs (2.2.2)
    ffi (1.9.6)
    hike (1.2.3)
    httparty (0.13.3)
      json (~> 1.8)
      multi_xml (>= 0.5.2)
    i18n (0.7.0)
    json (1.8.1)
    json_pure (1.8.1)
    minitest (5.5.0)
    multi_json (1.10.1)
    multi_xml (0.5.5)
    net-scp (1.2.1)
      net-ssh (>= 2.6.5)
    net-ssh (2.9.1)
    net-ssh-gateway (1.2.0)
      net-ssh (>= 2.6.5)
    photocopier (0.0.10)
      activesupport
      escape
      i18n
      net-scp
      net-ssh
      net-ssh-gateway
    rack (1.6.0)
    rake (10.4.2)
    rb-fsevent (0.9.4)
    rb-inotify (0.9.5)
      ffi (>= 0.5.0)
    sass (3.4.9)
    sass-globbing (1.1.1)
      sass (>= 3.1)
    sass-mediaqueries-rails (1.3)
      sass (>= 3.2.0)
    sassy-maps (0.4.0)
      sass (~> 3.3)
    singularitygs (1.4.0)
      breakpoint (~> 2.4)
      sass (~> 3.3)
    sprockets (2.12.3)
      hike (~> 1.2)
      multi_json (~> 1.0)
      rack (~> 1.0)
      tilt (~> 1.1, != 1.3.0)
    thor (0.19.1)
    thread_safe (0.3.4)
    tilt (1.4.1)
    tzinfo (1.2.2)
      thread_safe (~> 0.1)
    wordless (0.4.1)
      activesupport
      coffee-script
      compass
      sprockets
      thor
      wordpress_tools (~> 0.0.2)
      yui-compressor
    wordmove (1.2.0)
      activesupport
      colored
      escape
      i18n
      photocopier (~> 0.0.10)
      rake
      thor
    wordpress_tools (0.0.2)
      rake
      thor
    yui-compressor (0.12.0)

PLATFORMS
  ruby

DEPENDENCIES
  animate
  breakpoint
  coffee
  compass (>= 0.13.alpha.0)
  sass
  sass-globbing
  sass-mediaqueries-rails
  singularitygs
  wordless
  wordmove
